PATH
  remote: .
  specs:
    nanoc (4.0.0a1)
      cri (~> 2.3)

GEM
  remote: http://rubygems.org/
  specs:
    RedCloth (4.2.9)
    adsf (1.1.1)
      rack (>= 1.0.0)
    bluecloth (2.2.0)
    builder (3.2.0)
    coderay (1.0.9)
    coffee-script (2.2.0)
      coffee-script-source
      execjs
    coffee-script-source (1.6.2)
    colored (1.2)
    commonjs (0.2.6)
    cri (2.3.0)
      colored (>= 1.2)
    erubis (2.7.0)
    excon (0.20.1)
    execjs (1.4.0)
      multi_json (~> 1.0)
    fog (1.10.1)
      builder
      excon (~> 0.20)
      formatador (~> 0.2.0)
      mime-types
      multi_json (~> 1.0)
      net-scp (~> 1.1)
      net-ssh (>= 2.1.3)
      nokogiri (~> 1.5.0)
      ruby-hmac
    formatador (0.2.4)
    haml (4.0.2)
      tilt
    handlebars (0.4.0)
      commonjs (~> 0.2.3)
      therubyracer (~> 0.11.1)
    json (1.7.7)
    kramdown (1.0.1)
    less (2.3.1)
      commonjs (~> 0.2.6)
    libv8 (3.11.8.17)
    listen (0.7.3)
    markaby (0.7.2)
      builder (>= 2.0.0)
    maruku (0.6.1)
      syntax (>= 1.0.0)
    metaclass (0.0.1)
    method_source (0.8.1)
    mime-types (1.22)
    minitest (4.7.1)
    mocha (0.13.3)
      metaclass (~> 0.0.1)
    multi_json (1.7.2)
    mustache (0.99.4)
    net-scp (1.1.0)
      net-ssh (>= 2.6.5)
    net-ssh (2.6.6)
    nokogiri (1.5.9)
    pandoc-ruby (0.6.1)
    posix-spawn (0.3.6)
    pry (0.9.12)
      coderay (~> 1.0.5)
      method_source (~> 0.8)
      slop (~> 3.4)
    pygments.rb (0.4.2)
      posix-spawn (~> 0.3.6)
      yajl-ruby (~> 1.1.0)
    rack (1.5.2)
    rainpress (1.0)
    rake (10.0.4)
    rdiscount (2.0.7.2)
    rdoc (4.0.1)
      json (~> 1.4)
    redcarpet (2.2.2)
    ref (1.0.4)
    ruby-hmac (0.4.0)
    rubypants (0.2.0)
    sass (3.2.7)
    slim (1.3.8)
      temple (~> 0.6.3)
      tilt (~> 1.3.3)
    slop (3.4.4)
    sqlite3 (1.3.7)
    syntax (1.0.0)
    systemu (2.5.2)
    temple (0.6.3)
    therubyracer (0.11.4)
      libv8 (~> 3.11.8.12)
      ref
    tilt (1.3.7)
    typogruby (1.0.15)
      rubypants
    uglifier (2.0.1)
      execjs (>= 0.3.0)
      multi_json (~> 1.0, >= 1.0.2)
    w3c_validators (1.2)
      json
      nokogiri
    yajl-ruby (1.1.0)
    yard (0.8.5.2)
    yuicompressor (1.2.1)

PLATFORMS
  ruby

DEPENDENCIES
  RedCloth
  adsf
  bluecloth
  builder
  coderay
  coffee-script
  erubis
  fog
  haml
  handlebars
  kramdown
  less (~> 2.0)
  listen
  markaby
  maruku
  mime-types
  minitest
  mocha
  mustache
  nanoc!
  nokogiri (~> 1.5.5)
  pandoc-ruby
  pry
  pygments.rb
  rack
  rainpress
  rake
  rdiscount
  rdoc
  redcarpet
  rubypants
  sass (~> 3.2.2)
  slim
  sqlite3
  systemu
  typogruby
  uglifier
  w3c_validators
  yard
  yuicompressor
